GEM
  remote: http://rubygems.org/
  specs:
    diff-lcs (1.2.5)
    faker (1.2.0)
      i18n (~> 0.5)
    hoe (3.9.0)
      rake (>= 0.8, < 11.0)
    i18n (0.6.9)
    rake (10.1.1)
    rspec (2.14.1)
      rspec-core (~> 2.14.0)
      rspec-expectations (~> 2.14.0)
      rspec-mocks (~> 2.14.0)
    rspec-core (2.14.7)
    rspec-expectations (2.14.5)
      diff-lcs (>= 1.1.3, < 2.0)
    rspec-mocks (2.14.6)
    rubystats (0.2.3)
      hoe (>= 1.7.0)

PLATFORMS
  ruby

DEPENDENCIES
  faker
  rspec
  rubystats
